GEM
  remote: https://rubygems.org/
  specs:
    ast (2.2.0)
    chronic_duration (0.10.6)
      numerizer (~> 0.1.1)
    coderay (1.1.0)
    method_source (0.8.2)
    numerizer (0.1.1)
    parser (2.3.0.2)
      ast (~> 2.2)
    powerpack (0.1.1)
    pry (0.10.3)
      coderay (~> 1.1.0)
      method_source (~> 0.8.1)
      slop (~> 3.4)
    rainbow (2.1.0)
    rake (10.5.0)
    rcodetools (0.8.5.0)
    rubocop (0.37.0)
      parser (>= 2.3.0.2, < 3.0)
      powerpack (~> 0.1)
      rainbow (>= 1.99.1, < 3.0)
      ruby-progressbar (~> 1.7)
      unicode-display_width (~> 0.3)
    ruby-lint (2.1.0)
      parser (~> 2.2)
      slop (~> 3.4, >= 3.4.7)
    ruby-progressbar (1.7.5)
    slop (3.6.0)
    spec (5.3.4)
      chronic_duration (~> 0.10.2)
    unicode-display_width (0.3.1)

PLATFORMS
  ruby

DEPENDENCIES
  pry
  rake
  rcodetools
  rubocop
  ruby-lint
  spec

BUNDLED WITH
   1.11.2
